GEM
  remote: http://rubygems.org/
  specs:
    addressable (2.3.5)
    httparty (0.12.0)
      json (~> 1.8)
      multi_xml (>= 0.5.2)
    json (1.8.1)
    launchy (2.4.0)
      addressable (~> 2.3)
    mdpress (0.0.15)
      httparty
      launchy
      redcarpet
      trollop
    multi_xml (0.5.5)
    redcarpet (3.0.0)
    trollop (2.0)

PLATFORMS
  ruby

DEPENDENCIES
  mdpress
